PATH
  remote: .
  specs:
    hanami-bluma (0.1.0)

GEM
  remote: https://rubygems.org/
  specs:
    concurrent-ruby (1.1.5)
    hanami-assets (1.3.4)
      hanami-helpers (~> 1.3)
      hanami-utils (~> 1.3)
      tilt (~> 2.0, >= 2.0.2)
    hanami-helpers (1.3.2)
      hanami-utils (~> 1.3)
    hanami-utils (1.3.5)
      concurrent-ruby (~> 1.0)
      transproc (~> 1.0)
    minitest (5.13.0)
    rake (13.0.1)
    tilt (2.0.10)
    transproc (1.1.0)

PLATFORMS
  ruby

DEPENDENCIES
  bundler (~> 2.0)
  hanami-assets
  hanami-bluma!
  minitest (~> 5.0)
  rake (~> 13.0)

BUNDLED WITH
   2.0.2
